FRAMEWORK: NET461
NUGET
  remote: https://api.nuget.org/v3/index.json
    FSharp.Core (4.0.0.1)
    Suave (2.0.1)
      FSharp.Core (>= 4.0.0.1)
